GEM
  remote: https://rubygems.org/
  specs:
    actionpack (5.0.7.2)
      actionview (= 5.0.7.2)
      activesupport (= 5.0.7.2)
      rack (~> 2.0)
      rack-test (~> 0.6.3)
      rails-dom-testing (~> 2.0)
      rails-html-sanitizer (~> 1.0, >= 1.0.2)
    actionview (5.0.7.2)
      activesupport (= 5.0.7.2)
      builder (~> 3.1)
      erubis (~> 2.7.0)
      rails-dom-testing (~> 2.0)
      rails-html-sanitizer (~> 1.0, >= 1.0.3)
    activesupport (5.0.7.2)
      concurrent-ruby (~> 1.0, >= 1.0.2)
      i18n (>= 0.7, < 2)
      minitest (~> 5.1)
      tzinfo (~> 1.1)
    addressable (2.6.0)
      public_suffix (>= 2.0.2, < 4.0)
    airbrussh (1.3.2)
      sshkit (>= 1.6.1, != 1.7.0)
    ansi (1.5.0)
    backports (3.15.0)
    builder (3.2.3)
    capistrano (3.11.0)
      airbrussh (>= 1.0.0)
      i18n
      rake (>= 10.0.0)
      sshkit (>= 1.9.0)
    capistrano-bundler (1.6.0)
      capistrano (~> 3.1)
    capistrano-logrotate (0.4.0)
      capistrano (~> 3.0)
    capistrano-rbenv (2.1.4)
      capistrano (~> 3.1)
      sshkit (~> 1.3)
    capistrano-yarn (2.0.2)
      capistrano (~> 3.0)
    capistrano3-puma (4.0.0)
      capistrano (~> 3.7)
      capistrano-bundler
      puma (~> 4.0)
    capybara (3.28.0)
      addressable
      mini_mime (>= 0.1.3)
      nokogiri (~> 1.8)
      rack (>= 1.6.0)
      rack-test (>= 0.6.3)
      regexp_parser (~> 1.5)
      xpath (~> 3.2)
    cloudflare (3.2.1)
      rest-client (~> 2.0.2)
    coffee-script (2.4.1)
      coffee-script-source
      execjs
    coffee-script-source (1.12.2)
    concurrent-ruby (1.1.5)
    contracts (0.13.0)
    crass (1.0.4)
    diff-lcs (1.3)
    docile (1.3.2)
    domain_name (0.5.20190701)
      unf (>= 0.0.5, < 1.0.0)
    dotenv (2.7.5)
    erubis (2.7.0)
    excon (0.65.0)
    execjs (2.7.0)
    exifr (1.3.6)
    faraday (0.15.4)
      multipart-post (>= 1.2, < 3)
    fast_blank (1.0.0)
    fastimage (2.1.5)
    fastly (1.15.0)
    favicon_maker (1.3.1)
      docile (~> 1.1)
    ffi (1.11.1)
    fog-aws (1.4.1)
      fog-core (~> 1.38)
      fog-json (~> 1.0)
      fog-xml (~> 0.1)
      ipaddress (~> 0.8)
    fog-core (1.45.0)
      builder
      excon (~> 0.58)
      formatador (~> 0.2)
    fog-json (1.2.0)
      fog-core
      multi_json (~> 1.10)
    fog-xml (0.1.3)
      fog-core
      nokogiri (>= 1.5.11, < 2.0.0)
    formatador (0.2.5)
    fspath (3.1.2)
    haml (5.1.1)
      temple (>= 0.8.0)
      tilt
    hamster (3.0.0)
      concurrent-ruby (~> 1.0)
    hashie (3.6.0)
    htmlcompressor (0.2.0)
    http-cookie (1.0.3)
      domain_name (~> 0.5)
    httparty (0.17.0)
      mime-types (~> 3.0)
      multi_xml (>= 0.5.2)
    i18n (0.9.5)
      concurrent-ruby (~> 1.0)
    image_optim (0.25.0)
      exifr (~> 1.2, >= 1.2.2)
      fspath (~> 3.0)
      image_size (~> 1.5)
      in_threads (~> 1.3)
      progress (~> 3.0, >= 3.0.1)
    image_optim_pack (0.2.3)
      fspath (>= 2.1, < 4)
      image_optim (~> 0.19)
    image_size (1.5.0)
    in_threads (1.5.3)
    ipaddress (0.8.3)
    jwt (2.2.1)
    kramdown (1.17.0)
    liquid (4.0.3)
    listen (3.0.8)
      rb-fsevent (~> 0.9, >= 0.9.4)
      rb-inotify (~> 0.9, >= 0.9.7)
    loofah (2.2.3)
      crass (~> 1.0.2)
      nokogiri (>= 1.5.9)
    maxcdn (0.4.0)
      addressable (~> 2.4)
      faraday (~> 0.9)
      net-http-persistent (~> 2.9)
      signet (~> 0.7)
    memoist (0.16.0)
    method_source (0.9.2)
    middleman (4.3.4)
      coffee-script (~> 2.2)
      haml (>= 4.0.5)
      kramdown (~> 1.2)
      middleman-cli (= 4.3.4)
      middleman-core (= 4.3.4)
    middleman-blog (4.0.3)
      addressable (~> 2.3)
      middleman-core (>= 4.0.0)
      tzinfo (>= 0.3.0)
    middleman-cdn (0.3.2)
      activesupport (>= 4.1)
      ansi (~> 1.5)
      cloudflare (~> 3.2.1)
      fastly (~> 1.1)
      fog-aws (~> 1.4)
      httparty (~> 0.13)
      maxcdn (~> 0.1)
      middleman (>= 3.2)
    middleman-cli (4.3.4)
      thor (>= 0.17.0, < 2.0)
    middleman-core (4.3.4)
      activesupport (>= 4.2, < 5.1)
      addressable (~> 2.3)
      backports (~> 3.6)
      bundler
      contracts (~> 0.13.0)
      dotenv
      erubis
      execjs (~> 2.0)
      fast_blank
      fastimage (~> 2.0)
      hamster (~> 3.0)
      hashie (~> 3.4)
      i18n (~> 0.9.0)
      listen (~> 3.0.0)
      memoist (~> 0.14)
      padrino-helpers (~> 0.13.0)
      parallel
      rack (>= 1.4.5, < 3)
      sassc (~> 2.0)
      servolux
      tilt (~> 2.0.9)
      uglifier (~> 3.0)
    middleman-favicon-maker (4.1.0)
      favicon_maker (~> 1.3, >= 1.3.1)
      middleman-core (~> 4.0)
    middleman-imageoptim (0.3.0)
      image_optim (~> 0.25.0)
      image_optim_pack (~> 0.2.1)
      middleman-cli
      middleman-core (>= 3.1)
    middleman-minify-html (3.4.1)
      htmlcompressor (~> 0.2.0)
      middleman-core (>= 3.2)
    middleman-sitemap-ping (1.0.0)
      middleman (>= 3.1)
    middleman-sprockets (4.1.1)
      middleman-core (~> 4.0)
      sprockets (>= 3.0)
    middleman-syntax (3.2.0)
      middleman-core (>= 3.2)
      rouge (~> 3.2)
    mime-types (3.2.2)
      mime-types-data (~> 3.2015)
    mime-types-data (3.2019.0331)
    mini_mime (1.0.2)
    mini_portile2 (2.4.0)
    minitest (5.11.3)
    multi_json (1.13.1)
    multi_xml (0.6.0)
    multipart-post (2.1.1)
    net-http-persistent (2.9.4)
    net-scp (2.0.0)
      net-ssh (>= 2.6.5, < 6.0.0)
    net-ssh (5.2.0)
    netrc (0.11.0)
    nio4r (2.4.0)
    nokogiri (1.10.3)
      mini_portile2 (~> 2.4.0)
    padrino-helpers (0.13.3.4)
      i18n (~> 0.6, >= 0.6.7)
      padrino-support (= 0.13.3.4)
      tilt (>= 1.4.1, < 3)
    padrino-support (0.13.3.4)
      activesupport (>= 3.1)
    parallel (1.17.0)
    progress (3.5.2)
    public_suffix (3.1.1)
    puma (4.0.1)
      nio4r (~> 2.0)
    rack (2.0.7)
    rack-contrib (2.1.0)
      rack (~> 2.0)
    rack-test (0.6.3)
      rack (>= 1.0)
    rails-dom-testing (2.0.3)
      activesupport (>= 4.2.0)
      nokogiri (>= 1.6)
    rails-html-sanitizer (1.0.4)
      loofah (~> 2.2, >= 2.2.2)
    railties (5.0.7.2)
      actionpack (= 5.0.7.2)
      activesupport (= 5.0.7.2)
      method_source
      rake (>= 0.8.7)
      thor (>= 0.18.1, < 2.0)
    rake (12.3.3)
    rb-fsevent (0.10.3)
    rb-inotify (0.10.0)
      ffi (~> 1.0)
    redcarpet (3.5.0)
    regexp_parser (1.6.0)
    rest-client (2.0.2)
      http-cookie (>= 1.0.2, < 2.0)
      mime-types (>= 1.16, < 4.0)
      netrc (~> 0.8)
    rouge (3.7.0)
    rspec (3.8.0)
      rspec-core (~> 3.8.0)
      rspec-expectations (~> 3.8.0)
      rspec-mocks (~> 3.8.0)
    rspec-core (3.8.2)
      rspec-support (~> 3.8.0)
    rspec-expectations (3.8.4)
      diff-lcs (>= 1.2.0, < 2.0)
      rspec-support (~> 3.8.0)
    rspec-mocks (3.8.1)
      diff-lcs (>= 1.2.0, < 2.0)
      rspec-support (~> 3.8.0)
    rspec-support (3.8.2)
    sass (3.7.4)
      sass-listen (~> 4.0.0)
    sass-listen (4.0.0)
      rb-fsevent (~> 0.9, >= 0.9.4)
      rb-inotify (~> 0.9, >= 0.9.7)
    sassc (2.0.1)
      ffi (~> 1.9)
      rake
    sassc-rails (2.1.2)
      railties (>= 4.0.0)
      sassc (>= 2.0)
      sprockets (> 3.0)
      sprockets-rails
      tilt
    servolux (0.13.0)
    signet (0.11.0)
      addressable (~> 2.3)
      faraday (~> 0.9)
      jwt (>= 1.5, < 3.0)
      multi_json (~> 1.10)
    sprockets (3.7.2)
      concurrent-ruby (~> 1.0)
      rack (> 1, < 3)
    sprockets-rails (3.2.1)
      actionpack (>= 4.0)
      activesupport (>= 4.0)
      sprockets (>= 3.0.0)
    sshkit (1.19.1)
      net-scp (>= 1.1.2)
      net-ssh (>= 2.8.0)
    temple (0.8.1)
    thor (0.20.3)
    thread_safe (0.3.6)
    tilt (2.0.9)
    tzinfo (1.2.5)
      thread_safe (~> 0.1)
    uglifier (3.2.0)
      execjs (>= 0.3.0, < 3)
    unf (0.1.4)
      unf_ext
    unf_ext (0.0.7.6)
    xpath (3.2.0)
      nokogiri (~> 1.8)

PLATFORMS
  ruby

DEPENDENCIES
  capistrano (~> 3.11)!
  capistrano-bundler (~> 1.6)!
  capistrano-logrotate!
  capistrano-rbenv (~> 2.1)!
  capistrano-yarn!
  capistrano3-puma!
  capybara!
  dotenv!
  liquid!
  middleman!
  middleman-blog!
  middleman-cdn!
  middleman-favicon-maker!
  middleman-imageoptim!
  middleman-minify-html!
  middleman-sitemap-ping!
  middleman-sprockets!
  middleman-syntax!
  puma!
  rack-contrib!
  rake!
  redcarpet!
  rspec (~> 3.5)!
  sass!
  sassc-rails!
  tzinfo-data!
  wdm (~> 0.1)!

RUBY VERSION
   ruby 2.6.3p62

BUNDLED WITH
   2.0.2
