GIT
  remote: https://github.com/bridgetownrb/bridgetown.git
  revision: 20edf2cb06de145bc331168d5073cbae5c556402
  branch: main
  specs:
    bridgetown (0.15.0)
      bridgetown-builder (= 0.15.0)
      bridgetown-core (= 0.15.0)
      bridgetown-paginate (= 0.15.0)
    bridgetown-builder (0.15.0)
      bridgetown-core (= 0.15.0)
    bridgetown-core (0.15.0)
      activesupport (~> 6.0)
      addressable (~> 2.4)
      awesome_print (~> 1.8)
      colorator (~> 1.0)
      faraday (~> 1.0)
      faraday_middleware (~> 1.0)
      i18n (~> 1.0)
      kramdown (~> 2.1)
      kramdown-parser-gfm (~> 1.0)
      liquid (~> 4.0)
      liquid-component (>= 0.1)
      liquid-render-tag (~> 0.2)
      listen (~> 3.0)
      pathutil (~> 0.9)
      rouge (~> 3.0)
      safe_yaml (~> 1.0)
      terminal-table (~> 1.8)
      thor (~> 1.0)
      tilt (~> 2.0)
    bridgetown-paginate (0.15.0)
      bridgetown-core (= 0.15.0)

GEM
  remote: https://rubygems.org/
  specs:
    activesupport (6.0.3.2)
      concurrent-ruby (~> 1.0, >= 1.0.2)
      i18n (>= 0.7, < 2)
      minitest (~> 5.1)
      tzinfo (~> 1.1)
      zeitwerk (~> 2.2, >= 2.2.2)
    addressable (2.7.0)
      public_suffix (>= 2.0.2, < 5.0)
    awesome_print (1.8.0)
    bridgetown-feed (1.1.2)
      bridgetown (>= 0.6, < 2.0)
    bridgetown-inline-svg (1.0.0)
      bridgetown (>= 0.15, < 2.0)
      svg_optimizer (~> 0.2.5)
    bridgetown-seo-tag (3.0.5)
      bridgetown (>= 0.15.0, < 2.0)
    colorator (1.1.0)
    concurrent-ruby (1.1.6)
    faraday (1.0.1)
      multipart-post (>= 1.2, < 3)
    faraday_middleware (1.0.0)
      faraday (~> 1.0)
    ffi (1.13.1)
    forwardable-extended (2.6.0)
    i18n (1.8.3)
      concurrent-ruby (~> 1.0)
    kramdown (2.3.0)
      rexml
    kramdown-parser-gfm (1.1.0)
      kramdown (~> 2.0)
    liquid (4.0.3)
    liquid-component (0.1.0)
      activesupport (>= 5.0)
      safe_yaml (~> 1.0)
    liquid-render-tag (0.2.0)
    listen (3.2.1)
      rb-fsevent (~> 0.10, >= 0.10.3)
      rb-inotify (~> 0.9, >= 0.9.10)
    mini_portile2 (2.4.0)
    minitest (5.14.1)
    multipart-post (2.1.1)
    nokogiri (1.10.10)
      mini_portile2 (~> 2.4.0)
    pathutil (0.16.2)
      forwardable-extended (~> 2.6)
    public_suffix (4.0.5)
    rb-fsevent (0.10.4)
    rb-inotify (0.10.1)
      ffi (~> 1.0)
    rexml (3.2.4)
    rouge (3.20.0)
    safe_yaml (1.0.5)
    svg_optimizer (0.2.5)
      nokogiri
    terminal-table (1.8.0)
      unicode-display_width (~> 1.1, >= 1.1.1)
    thor (1.0.1)
    thread_safe (0.3.6)
    tilt (2.0.10)
    tzinfo (1.2.7)
      thread_safe (~> 0.1)
    unicode-display_width (1.7.0)
    zeitwerk (2.3.1)

PLATFORMS
  ruby

DEPENDENCIES
  bridgetown!
  bridgetown-feed
  bridgetown-inline-svg
  bridgetown-seo-tag

BUNDLED WITH
   2.1.4
